GIT
  remote: git://github.com/Gargron/proudhon.git
  revision: e5d7e658e14165d3409c5732dbef46e643fea25d
  specs:
    proudhon (0.1.5.5)
      json
      nokogiri
      rest-client

GIT
  remote: git://github.com/Gargron/redis-store.git
  revision: 24cc49a0db9fe7ea315860a68399b0790e816301
  branch: patch-1
  specs:
    redis-store (1.0.0.beta5)
      redis (>= 2.0.0)
      redis (~> 2.2.0)

GEM
  remote: http://rubygems.org/
  specs:
    activesupport (3.0.7)
    addressable (2.2.6)
    bcrypt-ruby (2.1.4)
    beanstalk-client (1.1.0)
    crack (0.1.8)
    data_objects (0.10.6)
      addressable (~> 2.1)
    datamapper (1.1.0)
      dm-aggregates (= 1.1.0)
      dm-constraints (= 1.1.0)
      dm-core (= 1.1.0)
      dm-migrations (= 1.1.0)
      dm-serializer (= 1.1.0)
      dm-timestamps (= 1.1.0)
      dm-transactions (= 1.1.0)
      dm-types (= 1.1.0)
      dm-validations (= 1.1.0)
    dm-aggregates (1.1.0)
      dm-core (~> 1.1.0)
    dm-constraints (1.1.0)
      dm-core (~> 1.1.0)
    dm-core (1.1.0)
      addressable (~> 2.2.4)
    dm-do-adapter (1.1.0)
      data_objects (~> 0.10.2)
      dm-core (~> 1.1.0)
    dm-migrations (1.1.0)
      dm-core (~> 1.1.0)
    dm-mysql-adapter (1.1.0)
      dm-do-adapter (~> 1.1.0)
      do_mysql (~> 0.10.2)
    dm-paperclip (2.4.1)
      datamapper
      extlib
    dm-serializer (1.1.0)
      dm-core (~> 1.1.0)
      fastercsv (~> 1.5.4)
      json (~> 1.4.6)
    dm-timestamps (1.1.0)
      dm-core (~> 1.1.0)
    dm-transactions (1.1.0)
      dm-core (~> 1.1.0)
    dm-types (1.1.0)
      bcrypt-ruby (~> 2.1.4)
      dm-core (~> 1.1.0)
      fastercsv (~> 1.5.4)
      json (~> 1.4.6)
      stringex (~> 1.2.0)
      uuidtools (~> 2.1.2)
    dm-validations (1.1.0)
      dm-core (~> 1.1.0)
    do_mysql (0.10.6)
      data_objects (= 0.10.6)
    extlib (0.9.15)
    fastercsv (1.5.4)
    haml (3.1.1)
    json (1.4.6)
    json_pure (1.5.1)
    mime-types (1.16)
    nokogiri (1.4.4)
    oembed_links (0.1.9)
      json
    rack (1.3.0)
    rack-flash (0.1.1)
      rack
    redcarpet (1.15.2)
    redis (2.2.0)
    rest-client (1.6.3)
      mime-types (>= 1.16)
    sass (3.1.2)
    sinatra (1.2.6)
      rack (~> 1.1)
      tilt (>= 1.2.2, < 2.0)
    sinatra-flash (0.3.0)
      sinatra (>= 1.0.0)
    sinatra-jsonp (0.3.1)
      json_pure (~> 1.4)
      sinatra (~> 1.0)
    sinatra-redirect-with-flash (0.1.2)
      rack-flash (>= 0.1.1)
      sinatra (>= 0.9.1)
    sinatra-session (1.0.0)
      sinatra (>= 1.0)
    stalker (0.9.0)
      beanstalk-client
      json_pure
    stringex (1.2.1)
    tilt (1.3.2)
    uuidtools (2.1.2)
    will_paginate (2.3.15)

PLATFORMS
  ruby

DEPENDENCIES
  activesupport
  bcrypt-ruby (>= 2.1.4)
  crack
  datamapper (>= 1.1.0)
  dm-mysql-adapter
  dm-paperclip
  haml
  oembed_links
  proudhon!
  rack-flash
  redcarpet
  redis
  redis-store!
  sass
  sinatra
  sinatra-flash
  sinatra-jsonp
  sinatra-redirect-with-flash
  sinatra-session
  stalker
  will_paginate
