GEM
  remote: http://rubygems.org/
  specs:
    activesupport (3.0.7)
    addressable (2.2.6)
    bcrypt-ruby (2.1.4)
    data_objects (0.10.5)
      addressable (~> 2.1)
    datamapper (1.1.0)
      dm-aggregates (= 1.1.0)
      dm-constraints (= 1.1.0)
      dm-core (= 1.1.0)
      dm-migrations (= 1.1.0)
      dm-serializer (= 1.1.0)
      dm-timestamps (= 1.1.0)
      dm-transactions (= 1.1.0)
      dm-types (= 1.1.0)
      dm-validations (= 1.1.0)
    diff-lcs (1.1.2)
    dm-aggregates (1.1.0)
      dm-core (~> 1.1.0)
    dm-constraints (1.1.0)
      dm-core (~> 1.1.0)
    dm-core (1.1.0)
      addressable (~> 2.2.4)
    dm-do-adapter (1.1.0)
      data_objects (~> 0.10.2)
      dm-core (~> 1.1.0)
    dm-migrations (1.1.0)
      dm-core (~> 1.1.0)
    dm-mysql-adapter (1.1.0)
      dm-do-adapter (~> 1.1.0)
      do_mysql (~> 0.10.2)
    dm-paperclip (2.4.1)
      datamapper
      extlib
    dm-serializer (1.1.0)
      dm-core (~> 1.1.0)
      fastercsv (~> 1.5.4)
      json (~> 1.4.6)
    dm-timestamps (1.1.0)
      dm-core (~> 1.1.0)
    dm-transactions (1.1.0)
      dm-core (~> 1.1.0)
    dm-types (1.1.0)
      bcrypt-ruby (~> 2.1.4)
      dm-core (~> 1.1.0)
      fastercsv (~> 1.5.4)
      json (~> 1.4.6)
      stringex (~> 1.2.0)
      uuidtools (~> 2.1.2)
    dm-validations (1.1.0)
      dm-core (~> 1.1.0)
    do_mysql (0.10.5)
      data_objects (= 0.10.5)
    extlib (0.9.15)
    fastercsv (1.5.4)
    haml (3.1.1)
    json (1.4.6)
    json_pure (1.5.1)
    mime-types (1.16)
    nokogiri (1.4.4)
    oembed_links (0.1.9)
      json
    proudhon (0.0.16)
      json
      nokogiri
      rest-client
    rack (1.2.2)
    rack-flash (0.1.1)
      rack
    rdiscount (1.6.8)
    redis (2.2.0)
    rest-client (1.6.1)
      mime-types (>= 1.16)
    rspec (2.6.0)
      rspec-core (~> 2.6.0)
      rspec-expectations (~> 2.6.0)
      rspec-mocks (~> 2.6.0)
    rspec-core (2.6.2)
    rspec-expectations (2.6.0)
      diff-lcs (~> 1.1.2)
    rspec-mocks (2.6.0)
    sinatra (1.2.6)
      rack (~> 1.1)
      tilt (>= 1.2.2, < 2.0)
    sinatra-flash (0.3.0)
      sinatra (>= 1.0.0)
    sinatra-jsonp (0.3.1)
      json_pure (~> 1.4)
      sinatra (~> 1.0)
    sinatra-redirect-with-flash (0.1.2)
      rack-flash (>= 0.1.1)
      sinatra (>= 0.9.1)
    sinatra-session (1.0.0)
      sinatra (>= 1.0)
    stringex (1.2.1)
    tilt (1.3.1)
    uuidtools (2.1.2)
    will_paginate (2.3.15)

PLATFORMS
  ruby

DEPENDENCIES
  activesupport
  bcrypt-ruby (>= 2.1.4)
  datamapper (>= 1.1.0)
  dm-mysql-adapter
  dm-paperclip
  haml
  oembed_links
  proudhon
  rack-flash
  rdiscount
  redis
  rspec
  sinatra
  sinatra-flash
  sinatra-jsonp
  sinatra-redirect-with-flash
  sinatra-session
  will_paginate
